PATH
  remote: .
  specs:
    compass-ui (0.0.3)
      compass (>= 0.11.1)

GEM
  remote: http://rubygems.org/
  specs:
    chunky_png (1.2.1)
    compass (0.11.5)
      chunky_png (~> 1.2)
      fssm (>= 0.2.7)
      sass (~> 3.1)
    fssm (0.2.7)
    sass (3.1.7)

PLATFORMS
  ruby

DEPENDENCIES
  compass-ui!
